PATH
  remote: .
  specs:
    validates_lengths_from_database (0.8.0)
      activerecord (>= 4)

GEM
  remote: http://rubygems.org/
  specs:
    activemodel (5.2.8.1)
      activesupport (= 5.2.8.1)
    activerecord (5.2.8.1)
      activemodel (= 5.2.8.1)
      activesupport (= 5.2.8.1)
      arel (>= 9.0)
    activesupport (5.2.8.1)
      concurrent-ruby (~> 1.0, >= 1.0.2)
      i18n (>= 0.7, < 2)
      minitest (~> 5.1)
      tzinfo (~> 1.1)
    appraisal (2.2.0)
      bundler
      rake
      thor (>= 0.14.0)
    arel (9.0.0)
    concurrent-ruby (1.1.10)
    diff-lcs (1.1.2)
    i18n (0.7.0)
    iconv (1.0.4)
    json (1.8.6)
    minitest (5.15.0)
    pg (0.17.1)
    rake (0.9.2.2)
    rdoc (3.12)
      json (~> 1.4)
    rspec (2.5.0)
      rspec-core (~> 2.5.0)
      rspec-expectations (~> 2.5.0)
      rspec-mocks (~> 2.5.0)
    rspec-core (2.5.1)
    rspec-expectations (2.5.0)
      diff-lcs (~> 1.1.2)
    rspec-mocks (2.5.0)
    thor (0.20.3)
    thread_safe (0.3.6)
    tzinfo (1.2.10)
      thread_safe (~> 0.1)

PLATFORMS
  ruby
  x86_64-darwin-18

DEPENDENCIES
  activesupport (>= 4)
  appraisal (~> 2.0)
  i18n
  iconv (~> 1.0.4)
  pg (~> 0.17.1)
  rake (< 11)
  rdoc (~> 3.12)
  rspec (~> 2.0)
  validates_lengths_from_database!

BUNDLED WITH
   1.17.3
